GEM
  remote: https://rubygems.org/
  specs:
    faraday (1.0.0)
      multipart-post (>= 1.2, < 3)
    multipart-post (2.1.1)
    parallel (1.19.1)

PLATFORMS
  ruby

DEPENDENCIES
  faraday
  parallel

BUNDLED WITH
   1.15.1
